GEM
  remote: https://rubygems.org/
  specs:
    hiredis (0.4.5)
    mysql2 (0.3.13)
    net-scp (1.1.2)
      net-ssh (>= 2.6.5)
    net-sftp (2.1.2)
      net-ssh (>= 2.6.5)
    net-ssh (2.7.0)
    redis (3.0.5)

PLATFORMS
  ruby

DEPENDENCIES
  hiredis (~> 0.4.5)
  mysql2 (~> 0.3.13)
  net-scp (~> 1.1.2)
  net-sftp (~> 2.1.2)
  net-ssh (~> 2.7.0)
  redis (~> 3.0.1)
