GEM
  remote: https://rubygems.org/
  specs:
    net-scp (1.1.2)
      net-ssh (>= 2.6.5)
    net-sftp (2.1.2)
      net-ssh (>= 2.6.5)
    net-ssh (2.7.0)
    redis (3.0.4)

PLATFORMS
  ruby

DEPENDENCIES
  net-scp (~> 1.1.2)
  net-sftp (~> 2.1.2)
  net-ssh (~> 2.7.0)
  redis (~> 3.0.1)
